GEM
  remote: https://rubygems.org/
  specs:
    faraday (0.10.0)
      multipart-post (>= 1.2, < 3)
    minitest (5.10.1)
    multipart-post (2.0.0)
    rake (12.0.0)

PLATFORMS
  ruby

DEPENDENCIES
  faraday
  minitest
  rake

BUNDLED WITH
   1.13.6
